GEM
  remote: https://rubygems.org/
  specs:
    dialog_tui (0.1.3)

PLATFORMS
  ruby

DEPENDENCIES
  dialog_tui
